{
        "ImageType": "ORIGINAL/PRIMARY/M/ND/MOSAIC",
        "ManufacturerModelName": "TrioTim",
        "ScanningSequence": "EP",
        "SequenceVariant": "SK",
        "ScanOptions": "FS",
        "MRAcquisitionType": "2D",
        "SequenceName": "*epfid2d1_64",
        "RepetitionTime": 2,
        "EchoTime": 0.03,
        "NumberOfAverages": 1,
        "ImagingFrequency": 123191212,
        "MagneticFieldStrength": 3,
        "NumberOfPhaseEncodingSteps": 63,
        "EchoTrainLength": 1,
        "PercentSampling": 100,
        "PercentPhaseFieldOfView": 100,
        "PixelBandwidth": 1420,
        "EPIFactor": 128,
        "AccelerationFactorPE": 2,
        "AccelNumReferenceLines": 24,
        "TotalScanTimeSec": 590,
        "ReceiveCoilName": "HeadMatrix",
        "DeviceSerialNumber": "35426",
        "SoftwareVersions": "syngo MR B17",
        "ProtocolName": "BOLD - SCAP",
        "TransmitCoilName": "Body",
        "AcquisitionMatrix": "64/0/0/64",
        "InPlanePhaseEncodingDirection": "COL",
        "FlipAngle": 90,
        "VariableFlipAngleFlag": "N",
        "PatientPosition": "HFS",
        "EffectiveEchoSpacing": 0.000395,
        "SliceTiming": [
            1.005,
            0,
            1.065,
            0.06,
            1.1225,
            0.12,
            1.1825,
            0.1775,
            1.24,
            0.2375,
            1.3,
            0.2975,
            1.36,
            0.355,
            1.4175,
            0.415,
            1.4775,
            0.4725,
            1.5375,
            0.5325,
            1.595,
            0.5925,
            1.655,
            0.65,
            1.7125,
            0.71,
            1.7725,
            0.7675,
            1.8325,
            0.8275,
            1.89,
            0.8875,
            1.95,
            0.945 ],
        "PhaseEncodingDirection": "j-",
        "TaskParameters": 
            {
            	"trigger_time" : 8.264
            }
}
