{
        "ImageType": "ORIGINAL/PRIMARY/M/ND/NORM",
        "ManufacturerModelName": "TrioTim",
        "ScanningSequence": "GR/IR",
        "SequenceVariant": "SP/MP",
        "ScanOptions": "IR",
        "MRAcquisitionType": "3D",
        "SequenceName": "*tfl3d1_ns",
        "RepetitionTime": 2.53,
        "EchoTime": 0.00331,
        "InversionTime": 1.1,
        "NumberOfAverages": 1,
        "ImagingFrequency": 123249279,
        "MagneticFieldStrength": 3,
        "NumberOfPhaseEncodingSteps": 255,
        "EchoTrainLength": 1,
        "PercentSampling": 100,
        "PercentPhaseFieldOfView": 100,
        "PixelBandwidth": 200,
        "AccelerationFactorPE": 2,
        "AccelNumReferenceLines": 32,
        "TotalScanTimeSec": 363,
        "ReceiveCoilName": "HeadMatrix",
        "DeviceSerialNumber": "35343",
        "SoftwareVersions": "syngo MR B15",
        "ProtocolName": "MPRAGE - BWM",
        "TransmitCoilName": "Body",
        "AcquisitionMatrix": "0/256/256/0",
        "InPlanePhaseEncodingDirection": "ROW",
        "FlipAngle": 7,
        "VariableFlipAngleFlag": "N",
        "PatientPosition": "HFS",
        "PhaseEncodingDirection": "i-"
}
