{
        "ImageType": "ORIGINAL/PRIMARY/M/ND/MOSAIC",
        "ManufacturerModelName": "TrioTim",
        "ScanningSequence": "EP",
        "SequenceVariant": "SK",
        "ScanOptions": "FS",
        "MRAcquisitionType": "2D",
        "SequenceName": "*epfid2d1_64",
        "RepetitionTime": 2,
        "EchoTime": 0.03,
        "NumberOfAverages": 1,
        "ImagingFrequency": 123191385,
        "MagneticFieldStrength": 3,
        "NumberOfPhaseEncodingSteps": 63,
        "EchoTrainLength": 1,
        "PercentSampling": 100,
        "PercentPhaseFieldOfView": 100,
        "PixelBandwidth": 1420,
        "EPIFactor": 128,
        "AccelerationFactorPE": 2,
        "AccelNumReferenceLines": 24,
        "TotalScanTimeSec": 590,
        "ReceiveCoilName": "HeadMatrix",
        "DeviceSerialNumber": "35426",
        "SoftwareVersions": "syngo MR B17",
        "ProtocolName": "BOLD - SCAP",
        "TransmitCoilName": "Body",
        "AcquisitionMatrix": "64/0/0/64",
        "InPlanePhaseEncodingDirection": "COL",
        "FlipAngle": 90,
        "VariableFlipAngleFlag": "N",
        "PatientPosition": "HFS",
        "EffectiveEchoSpacing": 0.000395,
        "SliceTiming": [
            1.0025,
            0,
            1.0625,
            0.0575,
            1.12,
            0.1175,
            1.18,
            0.175,
            1.24,
            0.235,
            1.2975,
            0.295,
            1.3575,
            0.3525,
            1.415,
            0.4125,
            1.475,
            0.4725,
            1.535,
            0.53,
            1.5925,
            0.59,
            1.6525,
            0.6475,
            1.7125,
            0.7075,
            1.77,
            0.7675,
            1.83,
            0.825,
            1.8875,
            0.885,
            1.9475,
            0.9425 ],
        "PhaseEncodingDirection": "j-",
        "TaskParameters": 
            {
            	"trigger_time" : 8.2827
            }
}
